GEM
  remote: https://rubygems.org/
  specs:
    diff-lcs (1.2.1)
    facter (1.7.1)
    hiera (1.2.1)
      json_pure
    json (1.8.0)
    json_pure (1.8.0)
    librarian-puppet (0.9.9)
      json
      thor (~> 0.15)
    metaclass (0.0.1)
    mocha (0.13.2)
      metaclass (~> 0.0.1)
    puppet (3.2.1)
      facter (~> 1.6)
      hiera (~> 1.0)
      rgen (~> 0.6)
    puppet-lint (0.3.2)
    puppetlabs_spec_helper (0.4.1)
      mocha (>= 0.10.5)
      rake
      rspec (>= 2.9.0)
      rspec-puppet (>= 0.1.1)
    rake (10.0.3)
    rgen (0.6.2)
    rspec (2.13.0)
      rspec-core (~> 2.13.0)
      rspec-expectations (~> 2.13.0)
      rspec-mocks (~> 2.13.0)
    rspec-core (2.13.0)
    rspec-expectations (2.13.0)
      diff-lcs (>= 1.1.3, < 2.0)
    rspec-mocks (2.13.0)
    rspec-puppet (0.1.6)
      rspec
    thor (0.18.1)

PLATFORMS
  ruby

DEPENDENCIES
  facter (>= 1.7.1)
  librarian-puppet (>= 0.9.9)
  puppet (>= 3.1.1)
  puppet-lint (>= 0.3.2)
  puppetlabs_spec_helper (>= 0.4.1)
  rake
  rspec
  rspec-puppet (>= 0.1.6)
